PATH
  remote: .
  specs:
    nbt_utils (0.0.4)
      bindata (~> 2)

GEM
  remote: http://rubygems.org/
  specs:
    bindata (2.4.10)

PLATFORMS
  ruby

DEPENDENCIES
  nbt_utils!

BUNDLED WITH
   2.3.15
